GEM
  remote: http://rubygems.org/
  specs:
    diff-lcs (1.1.2)
    json (1.4.6)
    rspec (2.0.1)
      rspec-core (~> 2.0.1)
      rspec-expectations (~> 2.0.1)
      rspec-mocks (~> 2.0.1)
    rspec-core (2.0.1)
    rspec-expectations (2.0.1)
      diff-lcs (>= 1.1.2)
    rspec-mocks (2.0.1)
      rspec-core (~> 2.0.1)
      rspec-expectations (~> 2.0.1)
    yard (0.6.1)

PLATFORMS
  ruby

DEPENDENCIES
  json
  rspec (~> 2.0.0)
  yard
